GEM
  remote: https://rubygems.org/
  specs:
    nokogiri (1.5.6)
    redcarpet (2.2.2)

PLATFORMS
  ruby

DEPENDENCIES
  nokogiri
  redcarpet
